PATH
  remote: .
  specs:
    confetti (0.18.0)
      mustache (~> 0.11.2)
      nokogiri (~> 1.8.0)
      versionomy (~> 0.5.0)

GEM
  remote: http://rubygems.org/
  specs:
    blockenspiel (0.5.0)
    diff-lcs (1.1.3)
    mini_portile2 (2.2.0)
    mustache (0.11.2)
    nokogiri (1.8.0)
      mini_portile2 (~> 2.2.0)
    rspec (2.6.0)
      rspec-core (~> 2.6.0)
      rspec-expectations (~> 2.6.0)
      rspec-mocks (~> 2.6.0)
    rspec-core (2.6.4)
    rspec-expectations (2.6.0)
      diff-lcs (~> 1.1.2)
    rspec-mocks (2.6.0)
    versionomy (0.5.0)
      blockenspiel (~> 0.5)

PLATFORMS
  ruby

DEPENDENCIES
  confetti!
  rspec (~> 2.6.0)

RUBY VERSION
   ruby 2.4.1p111

BUNDLED WITH
   1.15.1
